GEM
  remote: https://rubygems.org/
  specs:
    influxdb (0.1.6)
      json
    json (1.8.1)
    puma (2.8.2)
      rack (>= 1.1, < 2.0)
    rack (1.5.2)

PLATFORMS
  ruby

DEPENDENCIES
  influxdb
  json
  puma
  rack
